GEM
  remote: https://rubygems.org/
  specs:
    coderay (1.1.2)
    json (2.3.0)
    method_source (0.9.2)
    mysql2 (0.5.3)
    pry (0.12.2)
      coderay (~> 1.1.0)
      method_source (~> 0.9.0)
    rack (2.1.4)

PLATFORMS
  ruby

DEPENDENCIES
  json
  mysql2
  pry
  rack

BUNDLED WITH
   2.1.4
